PATH
  remote: .
  specs:
    mosquitto (0.2)

GEM
  remote: https://rubygems.org/
  specs:
    rake (10.2.2)
    rake-compiler (0.9.2)
      rake
    yard (0.8.7.4)

PLATFORMS
  ruby

DEPENDENCIES
  mosquitto!
  rake-compiler (~> 0.9.2)
  yard
