PATH
  remote: .
  specs:
    mosquitto (0.2)

GEM
  remote: https://rubygems.org/
  specs:
    json (1.8.1)
    rake (10.2.2)
    rake-compiler (0.9.2)
      rake
    rdoc (4.1.1)
      json (~> 1.4)
    yard (0.8.7.4)

PLATFORMS
  ruby

DEPENDENCIES
  mosquitto!
  rake
  rake-compiler (~> 0.9.2)
  rdoc
  yard
