PATH
  remote: .
  specs:
    mosquitto (0.1)

GEM
  remote: https://rubygems.org/
  specs:
    json (1.8.0)
    rake (10.0.4)
    rake-compiler (0.8.3)
      rake
    rdoc (4.0.1)
      json (~> 1.4)

PLATFORMS
  ruby

DEPENDENCIES
  mosquitto!
  rake
  rake-compiler (~> 0.8.0)
  rdoc
